PATH
  remote: .
  specs:
    SPAM (0.0.1.a)
      aws-sdk-elasticloadbalancingv2
      aws-sdk-s3
      docker-swarm-api (~> 1.2, >= 1.2.5)
      httparty (~> 0.15)
      thor (~> 0.19)

GEM
  remote: https://rubygems.org/
  specs:
    ast (2.3.0)
    aws-partitions (1.8.0)
    aws-sdk-core (3.0.0.rc12)
      aws-partitions (~> 1.0)
      aws-sigv4 (~> 1.0)
      jmespath (~> 1.0)
    aws-sdk-elasticloadbalancingv2 (1.0.0.rc6)
      aws-sdk-core (~> 3.0.0.rc12)
      aws-sigv4 (~> 1.0)
    aws-sdk-kms (1.0.0.rc7)
      aws-sdk-core (~> 3.0.0.rc12)
      aws-sigv4 (~> 1.0)
    aws-sdk-s3 (1.0.0.rc8)
      aws-sdk-core (~> 3.0.0.rc12)
      aws-sdk-kms (= 1.0.0.rc7)
      aws-sigv4 (~> 1.0)
    aws-sigv4 (1.0.0)
    codeclimate-test-reporter (1.0.8)
      simplecov (<= 0.13)
    debase (0.2.2.beta10)
      debase-ruby_core_source
    debase-ruby_core_source (0.9.9)
    diff-lcs (1.3)
    docile (1.1.5)
    docker-api (1.33.4)
      excon (>= 0.38.0)
      json
    docker-swarm-api (1.2.5)
      docker-api (>= 1.33.1)
      json
      retry_block (>= 1.2.0)
    excon (0.56.0)
    httparty (0.15.5)
      multi_xml (>= 0.5.2)
    jmespath (1.3.1)
    json (2.1.0)
    multi_xml (0.6.0)
    parallel (1.11.2)
    parser (2.4.0.0)
      ast (~> 2.2)
    powerpack (0.1.1)
    rainbow (2.2.2)
      rake
    rake (12.0.0)
    retry_block (1.2.0)
    rspec (3.6.0)
      rspec-core (~> 3.6.0)
      rspec-expectations (~> 3.6.0)
      rspec-mocks (~> 3.6.0)
    rspec-core (3.6.0)
      rspec-support (~> 3.6.0)
    rspec-expectations (3.6.0)
      diff-lcs (>= 1.2.0, < 2.0)
      rspec-support (~> 3.6.0)
    rspec-mocks (3.6.0)
      diff-lcs (>= 1.2.0, < 2.0)
      rspec-support (~> 3.6.0)
    rspec-support (3.6.0)
    rubocop (0.49.1)
      parallel (~> 1.10)
      parser (>= 2.3.3.1, < 3.0)
      powerpack (~> 0.1)
      rainbow (>= 1.99.1, < 3.0)
      ruby-progressbar (~> 1.7)
      unicode-display_width (~> 1.0, >= 1.0.1)
    ruby-debug-ide (0.6.1.beta4)
      rake (>= 0.8.1)
    ruby-progressbar (1.8.1)
    simplecov (0.13.0)
      docile (~> 1.1.0)
      json (>= 1.8, < 3)
      simplecov-html (~> 0.10.0)
    simplecov-html (0.10.1)
    thor (0.19.4)
    unicode-display_width (1.2.1)
    yard (0.9.9)

PLATFORMS
  ruby

DEPENDENCIES
  SPAM!
  codeclimate-test-reporter (~> 1)
  debase (~> 0.2.2.beta10)
  rake (~> 12)
  rspec (~> 3.4)
  rubocop (~> 0.49.1)
  ruby-debug-ide (~> 0.6.1.beta4)
  simplecov (~> 0.13)
  yard (~> 0.9.9)

BUNDLED WITH
   1.15.0
